GIT
  remote: https://github.com/emberjs/ember-dev.git
  revision: 851608c1403a875c6b9dfd4b298b21ac9fef4bf5
  branch: ruby
  specs:
    ember-dev (0.1)
      aws-sdk
      colored
      execjs
      grit
      kicker
      puma
      rack
      rake-pipeline (~> 0.8.0)
      rake-pipeline-web-filters (~> 0.7.0)
      uglifier

GIT
  remote: https://github.com/livingsocial/rake-pipeline.git
  revision: a75d96fbadcc659a35a0ae59212e0bc60b58cc54
  specs:
    rake-pipeline (0.8.0)
      json
      rake (~> 10.1.0)
      thor

GEM
  remote: https://rubygems.org/
  specs:
    aws-sdk (1.59.1)
      aws-sdk-v1 (= 1.59.1)
    aws-sdk-v1 (1.59.1)
      json (~> 1.4)
      nokogiri (>= 1.4.4)
    barber (0.5.0)
      ember-source
      execjs
      handlebars-source (>= 1.0.0.rc.4)
    colored (1.2)
    diff-lcs (1.2.5)
    ember-source (1.9.0.alpha.2)
      handlebars-source (~> 2.0)
    execjs (2.0.2)
    ffi (1.9.6)
    grit (2.5.0)
      diff-lcs (~> 1.1)
      mime-types (~> 1.15)
      posix-spawn (~> 0.3.6)
    handlebars-source (2.0.0)
    json (1.8.1)
    kicker (3.0.0)
      listen (~> 1.3.0)
      notify (~> 0.5.2)
    listen (1.3.1)
      rb-fsevent (>= 0.9.3)
      rb-inotify (>= 0.9)
      rb-kqueue (>= 0.2)
    mime-types (1.25.1)
    mini_portile (0.6.1)
    nokogiri (1.6.5)
      mini_portile (~> 0.6.0)
    notify (0.5.2)
    posix-spawn (0.3.9)
    puma (2.10.2)
      rack (>= 1.1, < 2.0)
    rack (1.5.2)
    rake (10.1.1)
    rake-pipeline-web-filters (0.7.0)
      rack
      rake-pipeline (~> 0.6)
    rb-fsevent (0.9.4)
    rb-inotify (0.9.5)
      ffi (>= 0.5.0)
    rb-kqueue (0.2.3)
      ffi (>= 0.5.0)
    thor (0.18.1)
    uglifier (2.6.0)
      execjs (>= 0.3.0)
      json (>= 1.8.0)

PLATFORMS
  ruby

DEPENDENCIES
  barber (~> 0.5.0)
  ember-dev!
  ember-source (~> 1.9.0.alpha)
  handlebars-source (~> 2.0.0)
  rake-pipeline!
